GEM
  remote: https://rubygems.org/
  specs:
    addressable (2.8.1)
      public_suffix (>= 2.0.2, < 6.0)
    citrus (3.0.2)
    git (1.13.0)
      addressable (~> 2.8)
      rchardet (~> 1.8)
    little-plugger (1.1.4)
    logging (2.3.1)
      little-plugger (~> 1.1)
      multi_json (~> 1.14)
    multi_json (1.15.0)
    paint (2.2.0)
    public_suffix (5.0.1)
    rchardet (1.8.0)
    semantic (1.6.1)
    toml-rb (2.0.1)
      citrus (~> 3.0, > 3.0)

PLATFORMS
  ruby

DEPENDENCIES
  git (~> 1.13.0)
  logging (~> 2.3.1)
  paint (~> 2.1)
  semantic (~> 1.6.1)
  toml-rb (~> 2.0)

RUBY VERSION
   ruby 3.1.4p223

BUNDLED WITH
   2.4.14
